GEM
  remote: https://rubygems.org/
  specs:
    mini_portile2 (2.4.0)
    nokogiri (1.10.4)
      mini_portile2 (~> 2.4.0)
    rake (10.1.0)

PLATFORMS
  ruby

DEPENDENCIES
  nokogiri (~> 1.10.4)
  rake (~> 10.1.0)
